PATH
  remote: .
  specs:
    aws-swf (0.1.7)
      aws-sdk (~> 1)

GEM
  remote: https://rubygems.org/
  specs:
    aws-sdk (1.14.1)
      json (~> 1.4)
      nokogiri (< 1.6.0)
      uuidtools (~> 2.1)
    diff-lcs (1.2.4)
    json (1.8.0)
    nokogiri (1.5.10)
    rake (10.1.0)
    rspec (2.14.1)
      rspec-core (~> 2.14.0)
      rspec-expectations (~> 2.14.0)
      rspec-mocks (~> 2.14.0)
    rspec-core (2.14.4)
    rspec-expectations (2.14.0)
      diff-lcs (>= 1.1.3, < 2.0)
    rspec-mocks (2.14.2)
    uuidtools (2.1.4)

PLATFORMS
  ruby

DEPENDENCIES
  aws-swf!
  rake
  rspec (~> 2.1)
