PATH
  remote: .
  specs:
    aws-swf (0.1.7)
      aws-sdk (~> 1)

GEM
  remote: https://rubygems.org/
  specs:
    aws-sdk (1.67.0)
      aws-sdk-v1 (= 1.67.0)
    aws-sdk-v1 (1.67.0)
      json (~> 1.4)
      nokogiri (~> 1)
    diff-lcs (1.3)
    json (1.8.6)
    mini_portile2 (2.4.0)
    nokogiri (1.10.7)
      mini_portile2 (~> 2.4.0)
    rake (12.3.1)
    rspec (2.99.0)
      rspec-core (~> 2.99.0)
      rspec-expectations (~> 2.99.0)
      rspec-mocks (~> 2.99.0)
    rspec-core (2.99.2)
    rspec-expectations (2.99.2)
      diff-lcs (>= 1.1.3, < 2.0)
    rspec-mocks (2.99.4)

PLATFORMS
  ruby

DEPENDENCIES
  aws-swf!
  rake
  rspec (~> 2.1)

BUNDLED WITH
   1.17.3
