PATH
  remote: ../
  specs:
    aws-swf (0.1.1)

GEM
  remote: https://rubygems.org/
  specs:
    aws-sdk (1.13.0)
      json (~> 1.4)
      nokogiri (< 1.6.0)
      uuidtools (~> 2.1)
    diff-lcs (1.2.4)
    json (1.8.0)
    nokogiri (1.5.10)
    rspec (2.14.1)
      rspec-core (~> 2.14.0)
      rspec-expectations (~> 2.14.0)
      rspec-mocks (~> 2.14.0)
    rspec-core (2.14.3)
    rspec-expectations (2.14.0)
      diff-lcs (>= 1.1.3, < 2.0)
    rspec-mocks (2.14.1)
    uuidtools (2.1.4)

PLATFORMS
  ruby

DEPENDENCIES
  aws-sdk
  aws-swf!
  rspec
